PATH
  remote: .
  specs:
    graphy (0.1)

GEM
  remote: http://rubygems.org/
  specs:

PLATFORMS
  ruby

DEPENDENCIES
  graphy!
