PATH
  remote: .
  specs:
    graphy (0.1)
      commander (~> 4.0)

GEM
  remote: http://rubygems.org/
  specs:
    commander (4.0.4)
      highline (>= 1.5.0)
    highline (1.6.1)

PLATFORMS
  ruby

DEPENDENCIES
  commander (~> 4.0)
  graphy!
